PATH
  remote: ./gems/scorched-rest
  specs:
    scorched-rest (0.0.2)

GEM
  remote: https://rubygems.org/
  specs:
    ansi (1.5.0)
    awesome_print (1.6.1)
    blankslate (3.1.3)
    builder (3.2.2)
    daemons (1.2.2)
    dotenv (2.0.1)
    eventmachine (1.0.7)
    minitest (5.6.1)
    minitest-reporters (1.0.16)
      ansi
      builder
      minitest (>= 5.0)
      ruby-progressbar
    parslet (1.7.0)
      blankslate (>= 2.0, <= 4.0)
    pg (0.18.1)
    rack (1.6.1)
    rack-accept (0.4.5)
      rack (>= 0.4)
    rack-test (0.6.3)
      rack (>= 1.0)
    ruby-progressbar (1.7.5)
    sass (3.4.14)
    scorched (0.24)
      rack (~> 1.4)
      rack-accept (~> 0.4)
      scorched-accept (~> 0.1)
      tilt (~> 1.4)
    scorched-accept (0.1)
      parslet (~> 1.7)
    sequel (4.20.0)
    shotgun (0.9.1)
      rack (>= 1.0)
    thin (1.6.3)
      daemons (~> 1.0, >= 1.0.9)
      eventmachine (~> 1.0)
      rack (~> 1.0)
    tilt (1.4.1)

PLATFORMS
  ruby

DEPENDENCIES
  awesome_print
  dotenv
  minitest
  minitest-reporters
  pg
  rack-test
  sass
  scorched
  scorched-rest!
  sequel
  shotgun
  thin
