GIT
  remote: git@github.com:CrowdHailer/AllSystems.git
  revision: 08dde324eb83d4b429b38062467a81d243886312
  specs:
    all_systems (0.2.1)

GIT
  remote: git@github.com:CrowdHailer/Errol.git
  revision: 80b5850ff9e6a51a68dbd89f274b13d0d481c17d
  specs:
    errol (0.0.1)
      sequel (~> 4.19)

PATH
  remote: ./gems/scorched-rest
  specs:
    scorched-rest (0.0.2)

PATH
  remote: ./gems/typetanic
  specs:
    typetanic (0.0.1)

GEM
  remote: https://rubygems.org/
  specs:
    ansi (1.5.0)
    awesome_print (1.6.1)
    blankslate (3.1.3)
    builder (3.2.2)
    capybara (2.4.4)
      mime-types (>= 1.16)
      nokogiri (>= 1.3.3)
      rack (>= 1.0.0)
      rack-test (>= 0.5.4)
      xpath (~> 2.0)
    daemons (1.2.2)
    dotenv (2.0.1)
    eventmachine (1.0.7)
    mime-types (2.6.1)
    mini_portile (0.6.2)
    minitest (5.7.0)
    minitest-reporters (1.0.17)
      ansi
      builder
      minitest (>= 5.0)
      ruby-progressbar
    nokogiri (1.6.6.2)
      mini_portile (~> 0.6.0)
    parslet (1.7.0)
      blankslate (>= 2.0, <= 4.0)
    pg (0.18.2)
    rack (1.6.1)
    rack-accept (0.4.5)
      rack (>= 0.4)
    rack-test (0.6.3)
      rack (>= 1.0)
    redcarpet (3.3.1)
    ruby-progressbar (1.7.5)
    sass (3.4.14)
    scorched (0.24)
      rack (~> 1.4)
      rack-accept (~> 0.4)
      scorched-accept (~> 0.1)
      tilt (~> 1.4)
    scorched-accept (0.1)
      parslet (~> 1.7)
    sequel (4.23.0)
    shotgun (0.9.1)
      rack (>= 1.0)
    thin (1.6.3)
      daemons (~> 1.0, >= 1.0.9)
      eventmachine (~> 1.0)
      rack (~> 1.0)
    tilt (1.4.1)
    xpath (2.0.0)
      nokogiri (~> 1.3)

PLATFORMS
  ruby

DEPENDENCIES
  all_systems!
  awesome_print
  capybara
  dotenv
  errol!
  minitest
  minitest-reporters
  pg
  rack-test
  redcarpet
  sass
  scorched
  scorched-rest!
  sequel
  shotgun
  thin
  typetanic!
